##TITLE= Parameter file, TopSpin 4.2.0
##JCAMPDX= 5.0
##DATATYPE= Parameter Values
##NPOINTS= 3	$$ modification sequence number
##ORIGIN= Bruker BioSpin GmbH
##OWNER= nmrsu
$$ 2023-10-27 14:07:40.746 +0100  nmrsu@CZC1459CVK
$$ /home/nmrsu/nmr/sophia_231027_R1p_lig2/104/acqu3
$$ process /opt/topspin4.2.0/prog/mod/dataserver
##$ACQT0= 0
##$BF1= 564.940442044
##$FnILOOP= 0
##$FnMODE= 1
##$NUC1= <19F>
##$NusJSP= 0
##$NusT2= 1
##$NusTD= 0
##$O1= -35341.2617031675
##$ProjAngle= 0
##$SFO1= 564.905100782297
##$SW= 9.79734392779412
##$SW_h= 5534.56978309345
##$TD= 8
##END=
